GEM
  remote: https://rubygems.org/
  specs:
    bubble-wrap (1.9.2)
    motion-stump (0.3.2)
    rake (10.4.2)

PLATFORMS
  ruby

DEPENDENCIES
  bubble-wrap
  motion-stump
  rake
